GEM
  remote: http://rubygems.org/
  specs:
    childprocess (3.0.0)
    power_assert (0.2.4)
    rubyzip (2.2.0)
    selenium-webdriver (3.142.7)
      childprocess (>= 0.5, < 4.0)
      rubyzip (>= 1.2.2)
    test-unit (3.1.3)
      power_assert
    watir-webdriver (0.8.0)
      selenium-webdriver (>= 2.46.2)

PLATFORMS
  ruby

DEPENDENCIES
  test-unit
  watir-webdriver

BUNDLED WITH
   1.10.5
